GEM
  remote: https://rubygems.org/
  specs:
    debug (1.4.0)
      irb (>= 1.3.6)
      reline (>= 0.2.7)
    io-console (0.5.11)
    irb (1.4.1)
      reline (>= 0.3.0)
    language_server-protocol (3.17.0.3)
    prettier_print (1.2.1)
    reline (0.3.0)
      io-console (~> 0.5)
    ruby-lsp (0.10.1)
      language_server-protocol (~> 3.17.0)
      sorbet-runtime
      syntax_tree (>= 6.1.1, < 7)
      yarp (>= 0.11, < 0.12)
    sorbet-runtime (0.5.11044)
    syntax_tree (6.2.0)
      prettier_print (>= 1.2.0)
    yarp (0.11.0)

PLATFORMS
  x86_64-linux

DEPENDENCIES
  debug
  ruby-lsp

RUBY VERSION
   ruby 3.2.2p53

BUNDLED WITH
   2.3.3
